GEM
  remote: https://rubygems.org/
  specs:
    coderay (1.0.9)

PLATFORMS
  ruby

DEPENDENCIES
  coderay
